GEM
  remote: http://rubygems.org/
  specs:
    activesupport (4.0.0)
      i18n (~> 0.6, >= 0.6.4)
      minitest (~> 4.2)
      multi_json (~> 1.3)
      thread_safe (~> 0.1)
      tzinfo (~> 0.3.37)
    atomic (1.1.9)
    git (1.2.5)
    i18n (0.6.4)
    jeweler (1.8.4)
      bundler (~> 1.0)
      git (>= 1.2.5)
      rake
      rdoc
    json (1.8.0)
    mime-types (1.23)
    minitest (4.7.5)
    multi_json (1.7.7)
    rake (10.1.0)
    rcov (0.9.11)
    rdoc (3.12.2)
      json (~> 1.4)
    rest-client (1.6.7)
      mime-types (>= 1.16)
    shoulda (3.5.0)
      shoulda-context (~> 1.0, >= 1.0.1)
      shoulda-matchers (>= 1.4.1, < 3.0)
    shoulda-context (1.1.3)
    shoulda-matchers (2.2.0)
      activesupport (>= 3.0.0)
    thread_safe (0.1.0)
      atomic
    tzinfo (0.3.37)
    xml-simple (1.0.12)

PLATFORMS
  ruby

DEPENDENCIES
  bundler
  jeweler (~> 1.8.4)
  rcov (= 0.9.11)
  rdoc (~> 3.12)
  rest-client (~> 1.6.0)
  shoulda
  xml-simple (~> 1.0.0)
